GEM
  remote: https://rubygems.org/
  specs:
    cool.io (1.5.3)
    fluent-plugin-multiprocess (0.2.2)
      fluentd (>= 0.10.0, < 2)
      serverengine (>= 1.6)
    fluent-plugin-prometheus (0.4.0)
      fluentd (>= 0.12.0, < 0.14.0)
      prometheus-client
    fluent-plugin-record-modifier (0.6.2)
      fluentd (>= 0.12, < 2)
    fluentd (0.12.42)
      cool.io (>= 1.2.2, < 2.0.0)
      http_parser.rb (>= 0.5.1, < 0.7.0)
      json (>= 1.4.3)
      msgpack (>= 0.5.11, < 2)
      sigdump (~> 0.2.2)
      string-scrub (>= 0.0.3, <= 0.0.5)
      tzinfo (>= 1.0.0)
      tzinfo-data (>= 1.0.0)
      yajl-ruby (~> 1.0)
    http_parser.rb (0.6.0)
    json (2.1.0)
    msgpack (1.2.2)
    prometheus-client (0.7.1)
      quantile (~> 0.2.0)
    quantile (0.2.0)
    serverengine (2.0.5)
      sigdump (~> 0.2.2)
    sigdump (0.2.4)
    string-scrub (0.0.5)
    thread_safe (0.3.6)
    tzinfo (1.2.4)
      thread_safe (~> 0.1)
    tzinfo-data (1.2017.3)
      tzinfo (>= 1.0.0)
    yajl-ruby (1.3.1)

PLATFORMS
  ruby

DEPENDENCIES
  fluent-plugin-multiprocess (= 0.2.2)
  fluent-plugin-prometheus (= 0.4.0)
  fluent-plugin-record-modifier (= 0.6.2)
  fluentd (= 0.12.42)

RUBY VERSION
   ruby 2.4.1p111

BUNDLED WITH
   1.16.1
